GEM
  specs:
    require_all (1.2.0)
    require_relative (1.0.3)

PLATFORMS
  ruby

DEPENDENCIES
  require_all
  require_relative
